GEM
  remote: https://rubygems.org/
  specs:
    erubis (2.7.0)
    foreman (0.84.0)
      thor (~> 0.19.1)
    kgio (2.11.0)
    mustermann (1.0.0)
    mysql2 (0.4.6)
    mysql2-cs-bind (0.0.6)
      mysql2
    rack (2.0.3)
    rack-flash3 (1.0.5)
      rack
    rack-protection (2.0.0)
      rack
    raindrops (0.18.0)
    sinatra (2.0.0)
      mustermann (~> 1.0)
      rack (~> 2.0)
      rack-protection (= 2.0.0)
      tilt (~> 2.0)
    thor (0.19.4)
    tilt (2.0.7)
    unicorn (5.3.0)
      kgio (~> 2.6)
      raindrops (~> 0.7)

PLATFORMS
  ruby

DEPENDENCIES
  erubis
  foreman
  mysql2-cs-bind
  rack-flash3
  sinatra
  unicorn

BUNDLED WITH
   1.15.1
